GEM
  remote: https://rubygems.org/
  specs:
    adsf (1.4.6)
      rack (>= 1.0.0, < 3.0.0)
    coderay (1.1.3)
    cri (2.15.11)
    kramdown (2.4.0)
      rexml
    nanoc (3.8.0)
      cri (~> 2.3)
    rack (2.2.6.3)
    rexml (3.2.5)

PLATFORMS
  ruby

DEPENDENCIES
  adsf
  coderay
  kramdown
  nanoc (~> 3.8)

BUNDLED WITH
   2.1.4
