GEM
  remote: https://rubygems.org/
  specs:
    adsf (1.5.2)
      rack (>= 1.0.0, < 4.0.0)
      rackup (~> 2.1)
    coderay (1.1.3)
    cri (2.15.12)
    kramdown (2.5.1)
      rexml (>= 3.3.9)
    nanoc (3.8.0)
      cri (~> 2.3)
    rack (3.2.3)
    rackup (2.2.1)
      rack (>= 3)
    rexml (3.4.4)

PLATFORMS
  ruby

DEPENDENCIES
  adsf
  coderay
  kramdown
  nanoc (~> 3.8)

BUNDLED WITH
   2.7.2
