GEM
  remote: https://rubygems.org/
  specs:
    adsf (1.4.3)
      rack (>= 1.0.0, < 3.0.0)
    coderay (1.1.0)
    colored (1.2)
    cri (2.6.1)
      colored (~> 1.2)
    kramdown (1.4.1)
    nanoc (3.7.3)
      cri (~> 2.3)
    rack (2.2.2)

PLATFORMS
  ruby

DEPENDENCIES
  adsf
  coderay
  kramdown
  nanoc

BUNDLED WITH
   2.1.4
