GEM
  remote: https://rubygems.org/
  specs:
    adsf (1.2.0)
      rack (>= 1.0.0)
    coderay (1.1.0)
    colored (1.2)
    cri (2.5.0)
      colored (~> 1.2)
    kramdown (1.3.2)
    nanoc (3.6.7)
      cri (~> 2.3)
    rack (1.5.2)

PLATFORMS
  ruby

DEPENDENCIES
  adsf
  coderay
  kramdown
  nanoc
